GEM
  remote: https://rubygems.org/
  specs:
    actionmailer (4.0.3)
      actionpack (= 4.0.3)
      mail (~> 2.5.4)
    actionpack (4.0.3)
      activesupport (= 4.0.3)
      builder (~> 3.1.0)
      erubis (~> 2.7.0)
      rack (~> 1.5.2)
      rack-test (~> 0.6.2)
    activemodel (4.0.3)
      activesupport (= 4.0.3)
      builder (~> 3.1.0)
    activerecord (4.0.3)
      activemodel (= 4.0.3)
      activerecord-deprecated_finders (~> 1.0.2)
      activesupport (= 4.0.3)
      arel (~> 4.0.0)
    activerecord-deprecated_finders (1.0.3)
    activesupport (4.0.3)
      i18n (~> 0.6, >= 0.6.4)
      minitest (~> 4.2)
      multi_json (~> 1.3)
      thread_safe (~> 0.1)
      tzinfo (~> 0.3.37)
    acts-as-taggable-on (3.2.3)
      actionpack (>= 3, < 5)
      activerecord (>= 3, < 5)
    ajax-datatables-rails (0.3.0)
      railties (>= 3.1)
    apipie-rails (0.2.6)
      json
    arel (4.0.2)
    bcrypt (3.1.7)
    bootstrap-datepicker-rails (1.3.0.2)
      railties (>= 3.0)
    bootstrap-sass (3.3.0.0)
      sass (~> 3.2)
    builder (3.1.4)
    bullet (4.13.1)
      activesupport (>= 3.0.0)
      uniform_notifier (>= 1.6.0)
    capistrano (3.2.1)
      i18n
      rake (>= 10.0.0)
      sshkit (~> 1.3)
    capistrano-bundler (1.1.2)
      capistrano (~> 3.0)
      sshkit (~> 1.2)
    capistrano-rails (1.1.1)
      capistrano (~> 3.1)
      capistrano-bundler (~> 1.1)
    climate_control (0.0.3)
      activesupport (>= 3.0)
    cocaine (0.5.4)
      climate_control (>= 0.0.3, < 1.0)
    coffee-rails (4.0.1)
      coffee-script (>= 2.2.0)
      railties (>= 4.0.0, < 5.0)
    coffee-script (2.2.0)
      coffee-script-source
      execjs
    coffee-script-source (1.7.0)
    erubis (2.7.0)
    execjs (2.0.2)
    font-awesome-rails (4.3.0.0)
      railties (>= 3.2, < 5.0)
    hike (1.2.3)
    i18n (0.6.9)
    jbuilder (1.5.3)
      activesupport (>= 3.0.0)
      multi_json (>= 1.2.0)
    jquery-datatables-rails (2.2.3)
      jquery-rails
      sass-rails
    jquery-rails (3.1.0)
      railties (>= 3.0, < 5.0)
      thor (>= 0.14, < 2.0)
    jquery-turbolinks (2.1.0)
      railties (>= 3.1.0)
      turbolinks
    json (1.8.1)
    kaminari (0.16.3)
      actionpack (>= 3.0.0)
      activesupport (>= 3.0.0)
    mail (2.5.4)
      mime-types (~> 1.16)
      treetop (~> 1.4.8)
    mime-types (1.25.1)
    minitest (4.7.5)
    multi_json (1.10.1)
    mysql (2.9.1)
    net-scp (1.2.1)
      net-ssh (>= 2.6.5)
    net-ssh (2.9.1)
    newrelic_rpm (3.9.3.241)
    paperclip (4.1.1)
      activemodel (>= 3.0.0)
      activesupport (>= 3.0.0)
      cocaine (~> 0.5.3)
      mime-types
    polyglot (0.3.4)
    rack (1.5.2)
    rack-test (0.6.2)
      rack (>= 1.0)
    railroady (1.1.1)
    rails (4.0.3)
      actionmailer (= 4.0.3)
      actionpack (= 4.0.3)
      activerecord (= 4.0.3)
      activesupport (= 4.0.3)
      bundler (>= 1.3.0, < 2.0)
      railties (= 4.0.3)
      sprockets-rails (~> 2.0.0)
    railties (4.0.3)
      actionpack (= 4.0.3)
      activesupport (= 4.0.3)
      rake (>= 0.8.7)
      thor (>= 0.18.1, < 2.0)
    rake (10.4.2)
    rdoc (4.1.1)
      json (~> 1.4)
    rubyzip (1.1.6)
    sass (3.2.19)
    sass-rails (4.0.3)
      railties (>= 4.0.0, < 5.0)
      sass (~> 3.2.0)
      sprockets (~> 2.8, <= 2.11.0)
      sprockets-rails (~> 2.0)
    sdoc (0.4.0)
      json (~> 1.8)
      rdoc (~> 4.0, < 5.0)
    sprockets (2.11.0)
      hike (~> 1.2)
      multi_json (~> 1.0)
      rack (~> 1.0)
      tilt (~> 1.1, != 1.3.0)
    sprockets-rails (2.0.1)
      actionpack (>= 3.0)
      activesupport (>= 3.0)
      sprockets (~> 2.8)
    sqlite3 (1.3.9)
    sshkit (1.4.0)
      net-scp (>= 1.1.2)
      net-ssh (>= 2.8.0)
      term-ansicolor
    term-ansicolor (1.3.0)
      tins (~> 1.0)
    thor (0.19.1)
    thread_safe (0.3.3)
    tilt (1.4.1)
    tins (1.3.0)
    toastr-rails (1.0.3)
      railties (>= 3.1.0)
    treetop (1.4.15)
      polyglot
      polyglot (>= 0.3.1)
    turbolinks (2.2.2)
      coffee-rails
    tzinfo (0.3.39)
    uglifier (2.5.0)
      execjs (>= 0.3.0)
      json (>= 1.8.0)
    uniform_notifier (1.6.2)

PLATFORMS
  ruby

DEPENDENCIES
  acts-as-taggable-on
  ajax-datatables-rails
  apipie-rails
  bcrypt (~> 3.1.7)
  bootstrap-datepicker-rails
  bootstrap-sass (= 3.3.0.0)
  bullet
  capistrano
  capistrano-rails
  coffee-rails (~> 4.0.0)
  font-awesome-rails (= 4.3.0.0)
  i18n (= 0.6.9)
  jbuilder (~> 1.2)
  jquery-datatables-rails
  jquery-rails
  jquery-turbolinks
  kaminari
  mysql
  newrelic_rpm
  paperclip (~> 4.1.1)
  railroady
  rails (= 4.0.3)
  rubyzip
  sass-rails (~> 4.0.0)
  sdoc
  sqlite3
  toastr-rails
  turbolinks
  uglifier (>= 1.3.0)

BUNDLED WITH
   1.10.6
